GEM
  remote: https://rubygems.org/
  specs:
    bson (1.11.1)
    bson_ext (1.11.1)
      bson (~> 1.11.1)
    faraday (0.9.0)
      multipart-post (>= 1.2, < 3)
    faraday_middleware (0.9.1)
      faraday (>= 0.7.4, < 0.10)
    mini_portile (0.6.1)
    mongo (1.11.1)
      bson (= 1.11.1)
    multipart-post (2.0.0)
    nokogiri (1.6.4.1)
      mini_portile (~> 0.6.0)

PLATFORMS
  ruby

DEPENDENCIES
  bson
  bson_ext
  faraday
  faraday_middleware
  mongo
  nokogiri
